PATH
  remote: .
  specs:
    string-irc (0.2.3)
      net-irc (>= 0.0.9)

GEM
  remote: https://rubygems.org/
  specs:
    diff-lcs (1.1.3)
    json (1.7.7)
    net-irc (0.0.9)
    rake (10.0.3)
    rdoc (3.12.1)
      json (~> 1.4)
    rspec (2.9.0)
      rspec-core (~> 2.9.0)
      rspec-expectations (~> 2.9.0)
      rspec-mocks (~> 2.9.0)
    rspec-core (2.9.0)
    rspec-expectations (2.9.1)
      diff-lcs (~> 1.1.3)
    rspec-mocks (2.9.0)

PLATFORMS
  ruby

DEPENDENCIES
  rake (>= 0.9.2.2)
  rdoc (>= 3.11)
  rspec (>= 2.9.0)
  string-irc!
