PATH
  remote: .
  specs:
    string-irc (0.2.0)
      bundler (~> 1.1.3)
      net-irc (~> 0.0.9)
      rspec (~> 2.9.0)

GEM
  remote: https://rubygems.org/
  specs:
    diff-lcs (1.1.3)
    net-irc (0.0.9)
    rspec (2.9.0)
      rspec-core (~> 2.9.0)
      rspec-expectations (~> 2.9.0)
      rspec-mocks (~> 2.9.0)
    rspec-core (2.9.0)
    rspec-expectations (2.9.1)
      diff-lcs (~> 1.1.3)
    rspec-mocks (2.9.0)

PLATFORMS
  ruby

DEPENDENCIES
  string-irc!
